GEM
  remote: https://rubygems.org/
  specs:
    breakpoint (2.0.5)
      compass (>= 0.12.1)
      sass (>= 3.2.0)
    chunky_png (1.2.8)
    compass (0.12.2)
      chunky_png (~> 1.2)
      fssm (>= 0.2.7)
      sass (~> 3.1)
    compass-normalize-plugin (0.4.1)
      compass (>= 0.11.1)
    fssm (0.2.10)
    sass (3.2.9)

PLATFORMS
  ruby

DEPENDENCIES
  breakpoint
  compass-normalize-plugin
